PATH
  remote: .
  specs:
    product_name (0.1.0)
      database (= 0.1.0)
      json_mixin (= 0.1.0)
      mongo
      sinatra

GEM
  remote: https://rubygems.org/
  specs:
    ansi (1.5.0)
    bson (4.14.1)
    builder (3.2.4)
    coderay (1.1.3)
    database (0.1.0)
      mongo
    json_mixin (0.1.0)
    method_source (1.0.0)
    minitest (5.15.0)
    minitest-reporters (1.5.0)
      ansi
      builder
      minitest (>= 5.0)
      ruby-progressbar
    mongo (2.17.0)
      bson (>= 4.8.2, < 5.0.0)
    mustermann (1.1.1)
      ruby2_keywords (~> 0.0.1)
    pry (0.14.1)
      coderay (~> 1.1)
      method_source (~> 1.0)
    rack (2.2.3)
    rack-protection (2.2.0)
      rack
    rack-test (1.1.0)
      rack (>= 1.0, < 3)
    rake (13.0.6)
    ruby-progressbar (1.11.0)
    ruby2_keywords (0.0.5)
    shoulda-context (2.0.0)
    sinatra (2.2.0)
      mustermann (~> 1.0)
      rack (~> 2.2)
      rack-protection (= 2.2.0)
      tilt (~> 2.0)
    tilt (2.0.10)
    warning (1.2.1)

PLATFORMS
  x86_64-linux

DEPENDENCIES
  minitest
  minitest-reporters
  product_name!
  pry
  rack-test
  rake
  shoulda-context
  warning

BUNDLED WITH
   2.2.5
